GEM
  remote: http://rubygems.org/
  specs:
    RedCloth (4.2.9)
    RedCloth (4.2.9-java)
    actionmailer (3.2.21)
      actionpack (= 3.2.21)
      mail (~> 2.5.4)
    actionpack (3.2.21)
      activemodel (= 3.2.21)
      activesupport (= 3.2.21)
      builder (~> 3.0.0)
      erubis (~> 2.7.0)
      journey (~> 1.0.4)
      rack (~> 1.4.5)
      rack-cache (~> 1.2)
      rack-test (~> 0.6.1)
      sprockets (~> 2.2.1)
    activemodel (3.2.21)
      activesupport (= 3.2.21)
      builder (~> 3.0.0)
    activerecord (3.2.21)
      activemodel (= 3.2.21)
      activesupport (= 3.2.21)
      arel (~> 3.0.2)
      tzinfo (~> 0.3.29)
    activerecord-jdbc-adapter (1.3.13)
      activerecord (>= 2.2)
    activerecord-jdbcmysql-adapter (1.3.13)
      activerecord-jdbc-adapter (~> 1.3.13)
      jdbc-mysql (>= 5.1.22)
    activerecord-jdbcpostgresql-adapter (1.3.13)
      activerecord-jdbc-adapter (~> 1.3.13)
      jdbc-postgres (>= 9.1)
    activerecord-jdbcsqlite3-adapter (1.3.13)
      activerecord-jdbc-adapter (~> 1.3.13)
      jdbc-sqlite3 (>= 3.7.2, < 3.9)
    activeresource (3.2.21)
      activemodel (= 3.2.21)
      activesupport (= 3.2.21)
    activesupport (3.2.21)
      i18n (~> 0.6, >= 0.6.4)
      multi_json (~> 1.0)
    acts_as_list (0.5.0)
      activerecord (>= 3.0)
    acts_as_tree (1.5.0)
      activerecord (>= 3.0.0)
    addressable (2.3.6)
    annotate (2.6.5)
      activerecord (>= 2.3.0)
      rake (>= 0.8.7)
    arel (3.0.3)
    bcrypt (3.1.9)
    bcrypt (3.1.9-java)
    bcrypt-ruby (3.1.5)
      bcrypt (>= 3.1.3)
    bcrypt-ruby (3.1.5-java)
      bcrypt (>= 3.1.3)
    bootstrap-sass (2.3.2.2)
      sass (~> 3.2)
    builder (3.0.4)
    capybara (2.4.4)
      mime-types (>= 1.16)
      nokogiri (>= 1.3.3)
      rack (>= 1.0.0)
      rack-test (>= 0.5.4)
      xpath (~> 2.0)
    ci_reporter (2.0.0)
      builder (>= 2.1.2)
    ci_reporter_cucumber (1.0.0)
      ci_reporter (~> 2.0)
      cucumber (~> 1.3.3)
    ci_reporter_minitest (1.0.0)
      ci_reporter (~> 2.0)
      minitest (~> 5.0)
    ci_reporter_rspec (1.0.0)
      ci_reporter (~> 2.0)
      rspec (>= 2.14, < 4)
    ci_reporter_test_unit (1.0.0)
      ci_reporter (~> 2.0)
      test-unit (~> 2.5.5)
    climate_control (0.0.3)
      activesupport (>= 3.0)
    cliver (0.3.2)
    closure-compiler (1.1.11)
    cocaine (0.5.5)
      climate_control (>= 0.0.3, < 1.0)
    columnize (0.9.0)
    coveralls (0.7.1)
      multi_json (~> 1.3)
      rest-client
      simplecov (>= 0.7)
      term-ansicolor
      thor
    crb (1.0.1)
    cucumber (1.3.17)
      builder (>= 2.1.2)
      diff-lcs (>= 1.1.3)
      gherkin (~> 2.12)
      multi_json (>= 1.7.5, < 2.0)
      multi_test (>= 0.1.1)
    cucumber-rails (1.4.2)
      capybara (>= 1.1.2, < 3)
      cucumber (>= 1.3.8, < 2)
      mime-types (>= 1.16, < 3)
      nokogiri (~> 1.5)
      rails (>= 3, < 5)
    daemons (1.1.9)
    database_cleaner (1.2.0)
    debugger (1.6.8)
      columnize (>= 0.3.1)
      debugger-linecache (~> 1.2.0)
      debugger-ruby_core_source (~> 1.3.5)
    debugger-linecache (1.2.0)
    debugger-ruby_core_source (1.3.7)
    delayed_job (4.0.4)
      activesupport (>= 3.0, < 4.2)
    delayed_job_active_record (4.0.2)
      activerecord (>= 3.0, < 4.2)
      delayed_job (>= 3.0, < 4.1)
    devise (2.2.8)
      bcrypt-ruby (~> 3.0)
      orm_adapter (~> 0.1)
      railties (~> 3.1)
      warden (~> 1.2.1)
    devise-encryptable (0.2.0)
      devise (>= 2.1.0)
    diff-lcs (1.2.5)
    docile (1.1.5)
    dynamic_form (1.1.4)
    erubis (2.7.0)
    exception_notification (4.0.1)
      actionmailer (>= 3.0.4)
      activesupport (>= 3.0.4)
    factory_girl (4.5.0)
      activesupport (>= 3.0.0)
    factory_girl_rails (4.5.0)
      factory_girl (~> 4.5.0)
      railties (>= 3.0.0)
    faker (0.3.1)
    ffi (1.9.6-java)
    gchartrb (0.8)
    gherkin (2.12.2)
      multi_json (~> 1.3)
    gherkin (2.12.2-java)
      multi_json (~> 1.3)
    gli (2.12.2)
    hashie (3.3.2)
    hike (1.2.3)
    human_attribute (0.2.0)
    i18n (0.6.11)
    icalendar (2.2.1)
    jdbc-mysql (5.1.33)
    jdbc-postgres (9.3.1102)
    jdbc-sqlite3 (3.8.7)
    journey (1.0.4)
    jquery-rails (2.3.0)
      railties (>= 3.0, < 5.0)
      thor (>= 0.14, < 2.0)
    jruby-jars (1.7.18)
    jruby-rack (1.1.16)
    jruby-rack-worker (0.10.0)
      jruby-rack (>= 1.1.10)
    json (1.8.1)
    json (1.8.1-java)
    launchy (2.4.3)
      addressable (~> 2.3)
    launchy (2.4.3-java)
      addressable (~> 2.3)
      spoon (~> 0.0.1)
    localeapp (0.9.0)
      gli
      i18n
      json
      rack
      rest-client
      ya2yaml
    machinist (1.0.6)
    mail (2.5.4)
      mime-types (~> 1.16)
      treetop (~> 1.4.8)
    mime-types (1.25.1)
    mini_portile (0.6.1)
    minitest (5.5.0)
    multi_json (1.10.1)
    multi_test (0.1.1)
    mysql2 (0.3.17)
    net-ldap (0.10.0)
    netrc (0.10.1)
    nokogiri (1.6.5)
      mini_portile (~> 0.6.0)
    nokogiri (1.6.5-java)
    orm_adapter (0.5.0)
    paperclip (3.5.4)
      activemodel (>= 3.0.0)
      activesupport (>= 3.0.0)
      cocaine (~> 0.5.3)
      mime-types
    pg (0.17.1)
    poltergeist (1.5.1)
      capybara (~> 2.1)
      cliver (~> 0.3.1)
      multi_json (~> 1.0)
      websocket-driver (>= 0.2.0)
    polyglot (0.3.5)
    rack (1.4.5)
    rack-cache (1.2)
      rack (>= 0.4)
    rack-ssl (1.3.4)
      rack
    rack-test (0.6.2)
      rack (>= 1.0)
    rails (3.2.21)
      actionmailer (= 3.2.21)
      actionpack (= 3.2.21)
      activerecord (= 3.2.21)
      activeresource (= 3.2.21)
      activesupport (= 3.2.21)
      bundler (~> 1.0)
      railties (= 3.2.21)
    railties (3.2.21)
      actionpack (= 3.2.21)
      activesupport (= 3.2.21)
      rack-ssl (~> 1.3.2)
      rake (>= 0.8.7)
      rdoc (~> 3.4)
      thor (>= 0.14.6, < 2.0)
    rake (10.4.2)
    rdoc (3.12.2)
      json (~> 1.4)
    remotipart (1.2.1)
    rest-client (1.7.2)
      mime-types (>= 1.16, < 3.0)
      netrc (~> 0.7)
    rspec (3.1.0)
      rspec-core (~> 3.1.0)
      rspec-expectations (~> 3.1.0)
      rspec-mocks (~> 3.1.0)
    rspec-core (3.1.7)
      rspec-support (~> 3.1.0)
    rspec-expectations (3.1.2)
      diff-lcs (>= 1.2.0, < 2.0)
      rspec-support (~> 3.1.0)
    rspec-mocks (3.1.3)
      rspec-support (~> 3.1.0)
    rspec-rails (3.1.0)
      actionpack (>= 3.0)
      activesupport (>= 3.0)
      railties (>= 3.0)
      rspec-core (~> 3.1.0)
      rspec-expectations (~> 3.1.0)
      rspec-mocks (~> 3.1.0)
      rspec-support (~> 3.1.0)
    rspec-support (3.1.2)
    ruby-prof (0.15.2)
    rubyzip (1.1.6)
    rufus-scheduler (3.0.9)
      tzinfo
    sass (3.4.9)
    sass-rails (3.2.6)
      railties (~> 3.2.0)
      sass (>= 3.1.10)
      tilt (~> 1.3)
    shoulda (3.5.0)
      shoulda-context (~> 1.0, >= 1.0.1)
      shoulda-matchers (>= 1.4.1, < 3.0)
    shoulda-context (1.2.1)
    shoulda-matchers (2.7.0)
      activesupport (>= 3.0.0)
    simplecov (0.9.1)
      docile (~> 1.1.0)
      multi_json (~> 1.0)
      simplecov-html (~> 0.8.0)
    simplecov-html (0.8.0)
    spoon (0.0.4)
      ffi
    spork (0.9.2)
    sprockets (2.2.3)
      hike (~> 1.2)
      multi_json (~> 1.0)
      rack (~> 1.0)
      tilt (~> 1.1, != 1.3.0)
    sqlite3 (1.3.10)
    term-ansicolor (1.3.0)
      tins (~> 1.0)
    test-unit (2.5.5)
    thor (0.19.1)
    tilt (1.4.1)
    timecop (0.7.1)
    tins (1.3.3)
    treetop (1.4.15)
      polyglot
      polyglot (>= 0.3.1)
    tzinfo (0.3.42)
    warbler (1.4.4)
      jruby-jars (>= 1.5.6, < 2.0)
      jruby-rack (>= 1.0.0)
      rake (>= 0.9.6)
      rubyzip (>= 0.9, < 1.2)
    warden (1.2.3)
      rack (>= 1.0)
    websocket-driver (0.5.0)
      websocket-extensions (>= 0.1.0)
    websocket-driver (0.5.0-java)
      websocket-extensions (>= 0.1.0)
    websocket-extensions (0.1.1)
    will_paginate (3.0.7)
    xpath (2.0.0)
      nokogiri (~> 1.3)
    ya2yaml (0.31)

PLATFORMS
  java
  ruby

DEPENDENCIES
  RedCloth
  activerecord-jdbcmysql-adapter (> 1.3)
  activerecord-jdbcpostgresql-adapter (> 1.3)
  activerecord-jdbcsqlite3-adapter (> 1.3)
  acts_as_list
  acts_as_tree (= 1.5)
  annotate
  bootstrap-sass (~> 2.3.2.2)
  capybara
  ci_reporter_cucumber
  ci_reporter_minitest
  ci_reporter_rspec
  ci_reporter_test_unit
  closure-compiler
  cocaine
  coveralls
  crb
  cucumber-rails
  daemons
  database_cleaner (= 1.2.0)
  debugger
  delayed_job_active_record
  devise (< 3.0)
  devise-encryptable
  dynamic_form
  exception_notification
  factory_girl_rails
  faker (= 0.3.1)
  gchartrb
  hashie
  human_attribute
  icalendar
  jquery-rails (~> 2.3.0)
  jruby-jars (= 1.7.18)
  jruby-rack-worker
  json
  launchy
  localeapp
  machinist (= 1.0.6)
  mysql2
  net-ldap
  paperclip (< 4)
  pg
  poltergeist
  rails (= 3.2.21)
  rdoc
  remotipart
  rspec
  rspec-rails
  ruby-prof
  rufus-scheduler
  sass-rails
  shoulda
  simplecov
  spork
  sqlite3
  timecop
  tzinfo
  warbler
  will_paginate
